PATH
  remote: ../bel.rb
  specs:
    bel (0.3.0)

PATH
  remote: ../kyotocabinet-ffi
  specs:
    kyotocabinet-ffi (0.0.1)
      ffi (~> 1.9)

PATH
  remote: ../redlander
  specs:
    redlander (0.6.2)
      ffi (~> 1.3)
      xml_schema (~> 0.2.0)

GEM
  remote: https://rubygems.org/
  specs:
    POpen4 (0.1.4)
      Platform (>= 0.4.0)
      open4
    Platform (0.4.0)
    activesupport (4.2.0)
      i18n (~> 0.7)
      json (~> 1.7, >= 1.7.7)
      minitest (~> 5.1)
      thread_safe (~> 0.3, >= 0.3.4)
      tzinfo (~> 1.1)
    ast (2.0.0)
    backports (3.6.4)
    bson (1.12.0.rc2)
    bson (1.12.0.rc2-java)
    builder (3.2.2)
    celluloid (0.16.0)
      timers (~> 4.0.0)
    coderay (1.1.0)
    dot_hash (0.5.9)
    ffi (1.9.6)
    ffi (1.9.6-java)
    hitimes (1.2.2)
    hitimes (1.2.2-java)
    i18n (0.7.0)
    jrjackson (0.2.8)
    json (1.8.2)
    json (1.8.2-java)
    json_schema (0.4.0)
    listen (2.8.5)
      celluloid (>= 0.15.2)
      rb-fsevent (>= 0.9.3)
      rb-inotify (>= 0.9)
    method_source (0.8.2)
    mini_portile (0.6.2)
    minitest (5.5.1)
    mongo (1.12.0.rc2)
      bson (= 1.12.0.rc2)
    multi_json (1.10.1)
    nokogiri (1.6.5)
      mini_portile (~> 0.6.0)
    nokogiri (1.6.5-java)
    oat (0.4.5)
      activesupport
    oj (2.11.1)
    open4 (1.3.4)
    parser (2.2.0.2)
      ast (>= 1.1, < 3.0)
    pry (0.9.12.6)
      coderay (~> 1.0)
      method_source (~> 0.8)
      slop (~> 3.4)
    pry (0.9.12.6-java)
      coderay (~> 1.0)
      method_source (~> 0.8)
      slop (~> 3.4)
      spoon (~> 0.0)
    puma (2.11.0)
      rack (>= 1.1, < 2.0)
    puma (2.11.0-java)
      rack (>= 1.1, < 2.0)
    rack (1.6.0)
    rack-cors (0.3.1)
    rack-handlers (0.7.0)
      rack
    rack-protection (1.5.3)
      rack
    rack-test (0.6.2)
      rack (>= 1.0)
    rb-fsevent (0.9.4)
    rb-inotify (0.9.5)
      ffi (>= 0.5.0)
    rerun (0.10.0)
      listen (~> 2.7, >= 2.7.3)
    ripper-tags (0.1.3)
      yajl-ruby
    ruby-progressbar (1.7.1)
    sinatra (1.4.5)
      rack (~> 1.4)
      rack-protection (~> 1.4)
      tilt (~> 1.3, >= 1.3.4)
    sinatra-advanced-routes (0.5.3)
      sinatra (~> 1.0)
    sinatra-contrib (1.4.2)
      backports (>= 2.0)
      multi_json
      rack-protection
      rack-test
      sinatra (~> 1.4.0)
      tilt (~> 1.3)
    slop (3.6.0)
    spoon (0.0.4)
      ffi
    starscope (1.3.1)
      backports (~> 3.6)
      oj (~> 2.9)
      parser (~> 2.1)
      ruby-progressbar (~> 1.5)
    term-ansicolor (1.3.0)
      tins (~> 1.0)
    thread_safe (0.3.4)
    thread_safe (0.3.4-java)
    tilt (1.4.1)
    timers (4.0.1)
      hitimes
    tins (1.3.3)
    tzinfo (1.2.2)
      thread_safe (~> 0.1)
    xml_schema (0.2.0)
    yajl-ruby (1.2.1)

PLATFORMS
  java
  ruby

DEPENDENCIES
  POpen4
  bel!
  bson (= 1.12.0.rc2)
  builder
  dot_hash
  jrjackson (~> 0.2)
  json_schema
  kyotocabinet-ffi!
  mongo (= 1.12.0.rc2)
  multi_json (~> 1.10)
  nokogiri
  oat
  oj (~> 2.10)
  pry (~> 0.9.12)
  puma
  rack
  rack-cors
  rack-handlers
  redlander!
  rerun
  ripper-tags
  sinatra
  sinatra-advanced-routes
  sinatra-contrib
  starscope
  term-ansicolor
