PATH
  remote: .
  specs:
    openbel-api (1.2.7-java)
      bel (~> 1.1.0)
      bel-rdf-jena (~> 1.1.0)
      bel-search-sqlite (~> 1.1.0)
      bson (= 1.12.5)
      dot_hash (= 0.5.9)
      jrjackson (= 0.3.7)
      json-ld (= 2.0.0)
      json_schema (= 0.10.0)
      jwt (= 1.5.2)
      mongo (= 1.12.5)
      multi_json (= 1.11.2)
      oat (= 0.4.6)
      puma (= 3.1.0)
      rack (= 1.6.4)
      rack-cors (= 0.4.0)
      rack-handlers (= 0.7.0)
      rdf-json (= 2.0.0)
      rdf-rdfa (= 2.0.0)
      rdf-rdfxml (= 2.0.0)
      rdf-trig (= 2.0.0)
      rdf-trix (= 2.0.0)
      rdf-turtle (= 2.0.0)
      rdf-xsd (= 2.0.0)
      sinatra (= 1.4.6)
      sinatra-contrib (= 1.4.6)

PATH
  remote: subprojects/bel-rdf-jena
  specs:
    bel-rdf-jena (1.1.0-java)
      bel (~> 1.1.0)
      rdf-jena (~> 0.4.0)

PATH
  remote: subprojects/bel-search-sqlite
  specs:
    bel-search-sqlite (1.1.0-java)
      bel (~> 1.1.0)
      jdbc-sqlite3 (= 3.8.11.2)
      sequel (= 4.28.0)

PATH
  remote: subprojects/bel_parser
  specs:
    bel_parser (1.1.3-java)
      dbm-mapdb3 (~> 0.6.0.beta)
      levenshtein-jruby (= 0.1.0)
      sparql-client (~> 2.0.0)

PATH
  remote: subprojects/bel
  specs:
    bel (1.1.0)
      bel_parser (~> 1.1.0)
      ffi (= 1.9.8)
      rdf (~> 2.0.0)
      rdf-vocab (~> 2.0.0)

PATH
  remote: subprojects/rdf-jena
  specs:
    rdf-jena (0.4.1-java)
      rdf (~> 2.0.0)

GEM
  remote: https://rubygems.org/
  specs:
    activesupport (5.0.1)
      concurrent-ruby (~> 1.0, >= 1.0.2)
      i18n (~> 0.7)
      minitest (~> 5.1)
      tzinfo (~> 1.1)
    backports (3.6.8)
    bson (1.12.5-java)
    concurrent-ruby (1.0.4-java)
    dbm-mapdb3 (0.6.0.beta.3)
    dot_hash (0.5.9)
    ebnf (1.1.0)
      rdf (~> 2.0)
      sxp (~> 1.0)
    ffi (1.9.8-java)
    haml (4.0.7)
      tilt
    hamster (3.0.0)
      concurrent-ruby (~> 1.0)
    htmlentities (4.3.4)
    i18n (0.8.0)
    jdbc-sqlite3 (3.8.11.2)
    jrjackson (0.3.7)
    json-ld (2.0.0)
      multi_json (~> 1.11)
      rdf (~> 2.0)
    json_schema (0.10.0)
    jwt (1.5.2)
    levenshtein-jruby (0.1.0-java)
    link_header (0.0.8)
    minitest (5.10.1)
    mongo (1.12.5)
      bson (= 1.12.5)
    multi_json (1.11.2)
    net-http-persistent (2.9.4)
    oat (0.4.6)
      activesupport
    puma (3.1.0-java)
    rack (1.6.4)
    rack-cors (0.4.0)
    rack-handlers (0.7.0)
      rack
    rack-protection (1.5.3)
      rack
    rack-test (0.6.3)
      rack (>= 1.0)
    rdf (2.0.2)
      hamster (~> 3.0)
      link_header (~> 0.0, >= 0.0.8)
    rdf-aggregate-repo (2.1.0)
      rdf (~> 2.0)
    rdf-json (2.0.0)
      rdf (~> 2.0)
    rdf-rdfa (2.0.0)
      haml (~> 4.0)
      htmlentities (~> 4.3)
      rdf (~> 2.0)
      rdf-aggregate-repo (~> 2.0)
      rdf-xsd (~> 2.0)
    rdf-rdfxml (2.0.0)
      htmlentities (~> 4.3)
      rdf (~> 2.0)
      rdf-rdfa (~> 2.0)
      rdf-xsd (~> 2.0)
    rdf-trig (2.0.0)
      ebnf (~> 1.0, >= 1.0.1)
      rdf (~> 2.0)
      rdf-turtle (~> 2.0)
    rdf-trix (2.0.0)
      rdf (~> 2.0)
    rdf-turtle (2.0.0)
      ebnf (~> 1.0, >= 1.0.1)
      rdf (~> 2.0)
    rdf-vocab (2.0.2)
      rdf (~> 2.0)
    rdf-xsd (2.0.0)
      rdf (~> 2.0)
    sequel (4.28.0)
    sinatra (1.4.6)
      rack (~> 1.4)
      rack-protection (~> 1.4)
      tilt (>= 1.3, < 3)
    sinatra-contrib (1.4.6)
      backports (>= 2.0)
      multi_json
      rack-protection
      rack-test
      sinatra (~> 1.4.0)
      tilt (>= 1.3, < 3)
    sparql-client (2.0.2)
      net-http-persistent (~> 2.9)
      rdf (~> 2.0.2)
    sxp (1.0.0)
      rdf (~> 2.0)
    thread_safe (0.3.5-java)
    tilt (2.0.6)
    tzinfo (1.2.2)
      thread_safe (~> 0.1)

PLATFORMS
  java

DEPENDENCIES
  bel!
  bel-rdf-jena!
  bel-search-sqlite!
  bel_parser!
  openbel-api!
  rdf-jena!

BUNDLED WITH
   1.14.6
