GIT
  remote: git@github.com:OpenBEL/bel.rb.git
  revision: fecec30d84fe84c21d4026cab3850a016c4facf5
  specs:
    bel (0.3.0)

GIT
  remote: git@github.com:abargnesi/redlander.git
  revision: dd381c0fda10169e056095351d2aff14909c79f1
  branch: rubies_support
  specs:
    redlander (0.6.2)
      ffi (~> 1.3)
      xml_schema (~> 0.2.0)

GEM
  remote: https://rubygems.org/
  specs:
    backports (3.6.0)
    builder (3.2.2)
    coderay (1.1.0)
    daemons (1.1.9)
    dot_hash (0.5.9)
    eventmachine (1.0.3)
    ffi (1.9.3)
    ffi (1.9.3-java)
    jrjackson (0.2.7)
    kramdown (1.4.2)
    method_source (0.8.2)
    mini_portile (0.6.0)
    multi_json (1.10.1)
    nokogiri (1.6.3.1)
      mini_portile (= 0.6.0)
    nokogiri (1.6.3.1-java)
    oj (2.10.2)
    pry (0.9.12.6)
      coderay (~> 1.0)
      method_source (~> 0.8)
      slop (~> 3.4)
    pry (0.9.12.6-java)
      coderay (~> 1.0)
      method_source (~> 0.8)
      slop (~> 3.4)
      spoon (~> 0.0)
    puma (2.9.1-java)
      rack (>= 1.1, < 2.0)
    rack (1.5.2)
    rack-handlers (0.7.0)
      rack
    rack-protection (1.5.3)
      rack
    rack-test (0.6.2)
      rack (>= 1.0)
    representable (1.8.5)
      multi_json
      nokogiri
      uber
    roar (0.12.9)
      representable (>= 1.6.0, < 2.0.0)
    sinatra (1.4.5)
      rack (~> 1.4)
      rack-protection (~> 1.4)
      tilt (~> 1.3, >= 1.3.4)
    sinatra-advanced-routes (0.5.3)
      sinatra (~> 1.0)
    sinatra-contrib (1.4.2)
      backports (>= 2.0)
      multi_json
      rack-protection
      rack-test
      sinatra (~> 1.4.0)
      tilt (~> 1.3)
    sinatra-docdsl (0.8.6)
      kramdown
    slop (3.6.0)
    spoon (0.0.4)
      ffi
    thin (1.6.2)
      daemons (>= 1.0.9)
      eventmachine (>= 1.0.0)
      rack (>= 1.0.0)
    tilt (1.4.1)
    uber (0.0.8)
    xml_schema (0.2.0)

PLATFORMS
  java
  ruby

DEPENDENCIES
  bel!
  builder
  dot_hash
  jrjackson (~> 0.2)
  multi_json (~> 1.10)
  nokogiri
  oj (~> 2.10)
  pry (~> 0.9.12)
  puma
  rack
  rack-handlers
  redlander!
  roar
  sinatra
  sinatra-advanced-routes
  sinatra-contrib
  sinatra-docdsl
  thin
