GIT
  remote: git@github.com:OpenBEL/bel.rb.git
  revision: 7bb899303ec2a40a332b69f4c263cdb712444785
  branch: bel_completion
  specs:
    bel (0.3.0)

GIT
  remote: git@github.com:abargnesi/redlander.git
  revision: 711a0de91d6aed6be80a0134acdf4f7aeb04a021
  branch: rubies_support
  specs:
    redlander (0.6.2)
      ffi (~> 1.3)
      xml_schema (~> 0.2.0)

GEM
  remote: https://rubygems.org/
  specs:
    POpen4 (0.1.4)
      Platform (>= 0.4.0)
      open4
    Platform (0.4.0)
    backports (3.6.3)
    builder (3.2.2)
    coderay (1.1.0)
    daemons (1.1.9)
    dot_hash (0.5.9)
    eventmachine (1.0.3)
    ffi (1.9.6)
    ffi (1.9.6-java)
    jrjackson (0.2.7)
    kramdown (1.5.0)
    kyotocabinet-ffi (0.0.1)
      ffi (~> 1.9)
    method_source (0.8.2)
    mini_portile (0.6.0)
    multi_json (1.10.1)
    nokogiri (1.6.3.1)
      mini_portile (= 0.6.0)
    nokogiri (1.6.3.1-java)
    oj (2.11.0)
    open4 (1.3.4)
    pry (0.9.12.6)
      coderay (~> 1.0)
      method_source (~> 0.8)
      slop (~> 3.4)
    pry (0.9.12.6-java)
      coderay (~> 1.0)
      method_source (~> 0.8)
      slop (~> 3.4)
      spoon (~> 0.0)
    puma (2.9.2-java)
      rack (>= 1.1, < 2.0)
    rack (1.5.2)
    rack-handlers (0.7.0)
      rack
    rack-protection (1.5.3)
      rack
    rack-test (0.6.2)
      rack (>= 1.0)
    representable (1.8.5)
      multi_json
      nokogiri
      uber
    roar (0.12.9)
      representable (>= 1.6.0, < 2.0.0)
    sinatra (1.4.5)
      rack (~> 1.4)
      rack-protection (~> 1.4)
      tilt (~> 1.3, >= 1.3.4)
    sinatra-advanced-routes (0.5.3)
      sinatra (~> 1.0)
    sinatra-contrib (1.4.2)
      backports (>= 2.0)
      multi_json
      rack-protection
      rack-test
      sinatra (~> 1.4.0)
      tilt (~> 1.3)
    sinatra-docdsl (0.8.6)
      kramdown
    slop (3.6.0)
    spoon (0.0.4)
      ffi
    term-ansicolor (1.3.0)
      tins (~> 1.0)
    thin (1.6.3)
      daemons (~> 1.0, >= 1.0.9)
      eventmachine (~> 1.0)
      rack (~> 1.0)
    tilt (1.4.1)
    tins (1.3.3)
    uber (0.0.10)
    xml_schema (0.2.0)

PLATFORMS
  java
  ruby

DEPENDENCIES
  POpen4
  bel!
  builder
  dot_hash
  jrjackson (~> 0.2)
  kyotocabinet-ffi
  multi_json (~> 1.10)
  nokogiri
  oj (~> 2.10)
  pry (~> 0.9.12)
  puma
  rack
  rack-handlers
  redlander!
  roar
  sinatra
  sinatra-advanced-routes
  sinatra-contrib
  sinatra-docdsl
  term-ansicolor
  thin
