GIT
  remote: git@github.com:OpenBEL/bel.rb.git
  revision: fb260bb2a8611030fda38da90d3e4bf0d143cc7d
  specs:
    bel (0.3.0)

GEM
  remote: https://rubygems.org/
  specs:
    POpen4 (0.1.4)
      Platform (>= 0.4.0)
      open4
    Platform (0.4.0)
    backports (3.6.0)
    binding_of_caller (0.7.2)
      debug_inspector (>= 0.0.1)
    bond (0.5.1)
    builder (3.2.2)
    byebug (2.7.0)
      columnize (~> 0.3)
      debugger-linecache (~> 1.2)
    celluloid (0.15.2)
      timers (~> 1.1.0)
    coderay (1.1.0)
    columnize (0.8.9)
    daemons (1.1.9)
    debug_inspector (0.0.2)
    debugger-linecache (1.2.0)
    dot_hash (0.5.9)
    eventmachine (1.0.3)
    ffi (1.9.3)
    interception (0.5)
    jist (1.5.1)
      json
    json (1.8.1)
    kgio (2.9.2)
    kramdown (1.4.0)
    listen (2.7.9)
      celluloid (>= 0.15.2)
      rb-fsevent (>= 0.9.3)
      rb-inotify (>= 0.9)
    method_source (0.8.2)
    mini_portile (0.6.0)
    multi_json (1.10.1)
    nokogiri (1.6.2.1)
      mini_portile (= 0.6.0)
    oj (2.9.9)
    open4 (1.3.4)
    perftools.rb (2.0.1)
    pry (0.9.12.6)
      coderay (~> 1.0)
      method_source (~> 0.8)
      slop (~> 3.4)
    pry-byebug (1.3.2)
      byebug (~> 2.7)
      pry (~> 0.9.12)
    pry-doc (0.6.0)
      pry (~> 0.9)
      yard (~> 0.8)
    pry-docmore (0.1.1)
      pry
      pry-doc
    pry-rescue (1.4.1)
      interception (>= 0.5)
      pry
    pry-stack_explorer (0.4.9.1)
      binding_of_caller (>= 0.7)
      pry (>= 0.9.11)
    rack (1.5.2)
    rack-handlers (0.7.0)
      rack
    rack-perftools_profiler (0.6.1)
      open4 (~> 1.0)
      perftools.rb (~> 2.0.1)
      rack (~> 1.0)
    rack-protection (1.5.3)
      rack
    rack-test (0.6.2)
      rack (>= 1.0)
    raindrops (0.13.0)
    rb-fsevent (0.9.4)
    rb-inotify (0.9.5)
      ffi (>= 0.5.0)
    representable (1.8.5)
      multi_json
      nokogiri
      uber
    rerun (0.10.0)
      listen (~> 2.7, >= 2.7.3)
    roar (0.12.7)
      representable (>= 1.6.0)
    sinatra (1.4.5)
      rack (~> 1.4)
      rack-protection (~> 1.4)
      tilt (~> 1.3, >= 1.3.4)
    sinatra-advanced-routes (0.5.3)
      sinatra (~> 1.0)
    sinatra-contrib (1.4.2)
      backports (>= 2.0)
      multi_json
      rack-protection
      rack-test
      sinatra (~> 1.4.0)
      tilt (~> 1.3)
    sinatra-docdsl (0.8.6)
      kramdown
    slop (3.5.0)
    term-ansicolor (1.3.0)
      tins (~> 1.0)
    thin (1.6.2)
      daemons (>= 1.0.9)
      eventmachine (>= 1.0.0)
      rack (>= 1.0.0)
    tilt (1.4.1)
    timers (1.1.0)
    tins (1.3.0)
    uber (0.0.7)
    unicorn (4.8.3)
      kgio (~> 2.6)
      rack
      raindrops (~> 0.7)
    yard (0.8.7.4)

PLATFORMS
  ruby

DEPENDENCIES
  POpen4
  bel!
  bond
  builder
  dot_hash
  jist
  nokogiri
  oj
  perftools.rb
  pry (~> 0.9.12)
  pry-byebug (~> 1.3.2.0)
  pry-doc
  pry-docmore
  pry-rescue
  pry-stack_explorer
  rack
  rack-handlers
  rack-perftools_profiler
  rerun
  roar
  sinatra
  sinatra-advanced-routes
  sinatra-contrib
  sinatra-docdsl
  term-ansicolor
  thin
  unicorn
  yard
