GEM
  remote: https://rubygems.org/
  specs:
    POpen4 (0.1.4)
      Platform (>= 0.4.0)
      open4
    Platform (0.4.0)
    activesupport (4.2.5)
      i18n (~> 0.7)
      json (~> 1.7, >= 1.7.7)
      minitest (~> 5.1)
      thread_safe (~> 0.3, >= 0.3.4)
      tzinfo (~> 1.1)
    addressable (2.3.8)
    backports (3.6.7)
    bel (0.4.0.beta1)
      ffi (= 1.9.8)
    bel-rdf-jena (0.4.0.beta1-java)
      rdf-jena
    bel-search-sqlite (0.4.0.beta1-java)
      jdbc-sqlite3 (= 3.8.11.2)
      sequel (= 4.28.0)
    bson (1.12.5-java)
    coderay (1.1.0)
    diff-lcs (1.2.5)
    faraday (0.9.2)
      multipart-post (>= 1.2, < 3)
    faraday-digestauth (0.2.1)
      faraday (~> 0.7)
      net-http-digest_auth (~> 1.4)
    faraday_hal_middleware (0.0.1)
      faraday_middleware (>= 0.9, < 0.10)
    faraday_middleware (0.9.2)
      faraday (>= 0.7.4, < 0.10)
    ffi (1.9.8-java)
    futuroscope (0.1.11)
    hyperclient (0.7.2)
      faraday
      faraday-digestauth
      faraday_hal_middleware
      faraday_middleware
      futuroscope
      net-http-digest_auth
      uri_template
    i18n (0.7.0)
    jdbc-sqlite3 (3.8.11.2)
    jrjackson (0.3.7)
    json (1.8.3-java)
    json_schema (0.10.0)
    link_header (0.0.8)
    macaddr (1.7.1)
      systemu (~> 2.6.2)
    method_source (0.8.2)
    minitest (5.8.3)
    mongo (1.12.5)
      bson (= 1.12.5)
    multi_json (1.11.2)
    multipart-post (2.0.0)
    net-http-digest_auth (1.4)
    nokogiri (1.6.7-java)
    oat (0.4.6)
      activesupport
    open4 (1.3.4)
    pry (0.10.3-java)
      coderay (~> 1.1.0)
      method_source (~> 0.8.1)
      slop (~> 3.4)
      spoon (~> 0.0)
    puma (2.15.3-java)
    rack (1.6.4)
    rack-cors (0.4.0)
    rack-handlers (0.7.0)
      rack
    rack-protection (1.5.3)
      rack
    rack-test (0.6.3)
      rack (>= 1.0)
    rantly (0.3.2)
    rdf (1.99.0)
      link_header (~> 0.0, >= 0.0.8)
    rdf-jena (0.2.0-java)
      rdf (= 1.99.0)
    rspec (3.4.0)
      rspec-core (~> 3.4.0)
      rspec-expectations (~> 3.4.0)
      rspec-mocks (~> 3.4.0)
    rspec-core (3.4.1)
      rspec-support (~> 3.4.0)
    rspec-expectations (3.4.0)
      diff-lcs (>= 1.2.0, < 2.0)
      rspec-support (~> 3.4.0)
    rspec-mocks (3.4.0)
      diff-lcs (>= 1.2.0, < 2.0)
      rspec-support (~> 3.4.0)
    rspec-support (3.4.1)
    sequel (4.28.0)
    sinatra (1.4.6)
      rack (~> 1.4)
      rack-protection (~> 1.4)
      tilt (>= 1.3, < 3)
    sinatra-advanced-routes (0.5.3)
      sinatra (~> 1.0)
    sinatra-contrib (1.4.6)
      backports (>= 2.0)
      multi_json
      rack-protection
      rack-test
      sinatra (~> 1.4.0)
      tilt (>= 1.3, < 3)
    slop (3.6.0)
    spoon (0.0.4)
      ffi
    systemu (2.6.5)
    thread_safe (0.3.5-java)
    tilt (2.0.1)
    tzinfo (1.2.2)
      thread_safe (~> 0.1)
    uri_template (0.7.0)
    uuid (2.3.8)
      macaddr (~> 1.0)

PLATFORMS
  java

DEPENDENCIES
  POpen4
  addressable (~> 2.3)
  bel (= 0.4.0.beta1)
  bel-rdf-jena (= 0.4.0.beta1)
  bel-search-sqlite (= 0.4.0.beta1)
  faraday_middleware
  hyperclient
  jrjackson (~> 0.2)
  json_schema
  mongo (~> 1.12)
  multi_json (~> 1.10)
  nokogiri
  oat
  oj (~> 2.10)
  pry
  puma (~> 2.14)
  rack
  rack-cors
  rack-handlers
  rantly (~> 0.3)
  rdf (= 1.99.0)
  rspec
  sinatra
  sinatra-advanced-routes
  sinatra-contrib
  uuid (~> 2.3)

BUNDLED WITH
   1.10.6
