PATH
  remote: ../redlander
  specs:
    redlander (0.6.2)
      ffi (~> 1.3)
      xml_schema (~> 0.2.0)

GEM
  remote: https://rubygems.org/
  specs:
    POpen4 (0.1.4)
      Platform (>= 0.4.0)
      open4
    Platform (0.4.0)
    activesupport (4.2.3)
      i18n (~> 0.7)
      json (~> 1.7, >= 1.7.7)
      minitest (~> 5.1)
      thread_safe (~> 0.3, >= 0.3.4)
      tzinfo (~> 1.1)
    addressable (2.3.8)
    ast (2.1.0)
    backports (3.6.6)
    bel (0.3.3)
      ffi (= 1.9.8)
    binding_of_caller (0.7.2)
      debug_inspector (>= 0.0.1)
    bson (1.12.3)
    bson_ext (1.12.3)
      bson (~> 1.12.3)
    builder (3.2.2)
    celluloid (0.16.1)
      timers (~> 4.0.0)
    coderay (1.1.0)
    debug_inspector (0.0.2)
    diff-lcs (1.2.5)
    dot_hash (0.5.9)
    faraday (0.9.1)
      multipart-post (>= 1.2, < 3)
    faraday-digestauth (0.2.1)
      faraday (~> 0.7)
      net-http-digest_auth (~> 1.4)
    faraday_hal_middleware (0.0.1)
      faraday_middleware (>= 0.9, < 0.10)
    faraday_middleware (0.9.2)
      faraday (>= 0.7.4, < 0.10)
    ffi (1.9.8)
    futuroscope (0.1.11)
    hitimes (1.2.2)
    hyperclient (0.7.1)
      faraday (~> 0.8)
      faraday-digestauth (~> 0.2)
      faraday_hal_middleware (~> 0.0.1)
      faraday_middleware (~> 0.9)
      futuroscope (>= 0.0.10)
      net-http-digest_auth (~> 1.2)
      uri_template (~> 0.5)
    i18n (0.7.0)
    json (1.8.3)
    json_schema (0.6.1)
    kyotocabinet-ffi (0.1.0)
      ffi (~> 1.9)
    link_header (0.0.8)
    listen (2.10.1)
      celluloid (~> 0.16.0)
      rb-fsevent (>= 0.9.3)
      rb-inotify (>= 0.9)
    macaddr (1.7.1)
      systemu (~> 2.6.2)
    method_source (0.8.2)
    mini_portile (0.6.2)
    minitest (5.8.0)
    mongo (1.12.3)
      bson (= 1.12.3)
    multi_json (1.11.2)
    multipart-post (2.0.0)
    net-http-digest_auth (1.4)
    nokogiri (1.6.6.2)
      mini_portile (~> 0.6.0)
    oat (0.4.6)
      activesupport
    oj (2.12.12)
    open4 (1.3.4)
    parser (2.2.2.6)
      ast (>= 1.1, < 3.0)
    pry (0.9.12.6)
      coderay (~> 1.0)
      method_source (~> 0.8)
      slop (~> 3.4)
    pry-nav (0.2.4)
      pry (>= 0.9.10, < 0.11.0)
    pry-stack_explorer (0.4.9.2)
      binding_of_caller (>= 0.7)
      pry (>= 0.9.11)
    puma (2.13.4)
    rack (1.6.4)
    rack-cors (0.4.0)
    rack-handlers (0.7.0)
      rack
    rack-protection (1.5.3)
      rack
    rack-test (0.6.3)
      rack (>= 1.0)
    rb-fsevent (0.9.5)
    rb-inotify (0.9.5)
      ffi (>= 0.5.0)
    rdf (1.1.14)
      link_header (~> 0.0, >= 0.0.8)
    rerun (0.10.0)
      listen (~> 2.7, >= 2.7.3)
    ripper-tags (0.2.0)
    rspec (3.3.0)
      rspec-core (~> 3.3.0)
      rspec-expectations (~> 3.3.0)
      rspec-mocks (~> 3.3.0)
    rspec-core (3.3.2)
      rspec-support (~> 3.3.0)
    rspec-expectations (3.3.1)
      diff-lcs (>= 1.2.0, < 2.0)
      rspec-support (~> 3.3.0)
    rspec-mocks (3.3.2)
      diff-lcs (>= 1.2.0, < 2.0)
      rspec-support (~> 3.3.0)
    rspec-support (3.3.0)
    ruby-progressbar (1.7.5)
    sinatra (1.4.6)
      rack (~> 1.4)
      rack-protection (~> 1.4)
      tilt (>= 1.3, < 3)
    sinatra-advanced-routes (0.5.3)
      sinatra (~> 1.0)
    sinatra-contrib (1.4.6)
      backports (>= 2.0)
      multi_json
      rack-protection
      rack-test
      sinatra (~> 1.4.0)
      tilt (>= 1.3, < 3)
    slop (3.6.0)
    sqlite3 (1.3.10)
    starscope (1.4.0)
      backports (~> 3.6)
      oj (~> 2.9)
      parser (~> 2.2.2)
      ruby-progressbar (~> 1.5)
    systemu (2.6.5)
    term-ansicolor (1.3.2)
      tins (~> 1.0)
    thread_safe (0.3.5)
    tilt (2.0.1)
    timers (4.0.1)
      hitimes
    tins (1.6.0)
    tzinfo (1.2.2)
      thread_safe (~> 0.1)
    uri_template (0.7.0)
    uuid (2.3.8)
      macaddr (~> 1.0)
    xml_schema (0.2.0)

PLATFORMS
  ruby

DEPENDENCIES
  POpen4
  addressable
  bel (~> 0.3)
  bson_ext (~> 1.12)
  builder
  dot_hash
  faraday_middleware
  hyperclient
  jrjackson (~> 0.2)
  json_schema
  kyotocabinet-ffi
  mongo (~> 1.12)
  multi_json (~> 1.10)
  nokogiri
  oat
  oj (~> 2.10)
  pry (~> 0.9.12)
  pry-nav
  pry-stack_explorer
  puma (~> 2.13)
  rack
  rack-cors
  rack-handlers
  rdf
  redlander!
  rerun
  ripper-tags
  rspec
  sinatra
  sinatra-advanced-routes
  sinatra-contrib
  sqlite3
  starscope
  term-ansicolor
  uuid

BUNDLED WITH
   1.10.6
