GEM
  remote: https://rubygems.org/
  specs:
    bson (1.12.3)
    bson_ext (1.12.3)
      bson (~> 1.12.3)
    coderay (1.1.0)
    daemons (1.2.3)
    hermann (0.24.1.dev)
      json (~> 1.8.2)
      mini_portile (~> 0.6.0)
      thread_safe (~> 0.3.4)
    json (1.8.3)
    method_source (0.8.2)
    mini_portile (0.6.2)
    mongo (1.12.3)
      bson (= 1.12.3)
    multi_json (1.11.2)
    oj (2.12.12)
    pry (0.10.1)
      coderay (~> 1.1.0)
      method_source (~> 0.8.1)
      slop (~> 3.4)
    slop (3.6.0)
    thread_safe (0.3.5)

PLATFORMS
  ruby

DEPENDENCIES
  bson_ext (~> 1.12)
  daemons (~> 1.2)
  hermann (= 0.24.1.dev)
  mongo (~> 1.12)
  multi_json (~> 1)
  oj (~> 2.12)
  pry

BUNDLED WITH
   1.10.6
