GEM
  remote: https://rubygems.org/
  specs:
    addressable (2.3.8)
    bel (0.3.3)
      ffi (= 1.9.8)
    coderay (1.1.0)
    daemons (1.2.3)
    ffi (1.9.8)
    hermann (0.24.1.dev)
      json (~> 1.8.2)
      mini_portile (~> 0.6.0)
      thread_safe (~> 0.3.4)
    json (1.8.3)
    link_header (0.0.8)
    macaddr (1.7.1)
      systemu (~> 2.6.2)
    method_source (0.8.2)
    mini_portile (0.6.2)
    multi_json (1.11.2)
    oj (2.12.12)
    pry (0.10.1)
      coderay (~> 1.1.0)
      method_source (~> 0.8.1)
      slop (~> 3.4)
    rdf (1.1.14)
      link_header (~> 0.0, >= 0.0.8)
    slop (3.6.0)
    systemu (2.6.5)
    thread_safe (0.3.5)
    uuid (2.3.8)
      macaddr (~> 1.0)

PLATFORMS
  ruby

DEPENDENCIES
  addressable (~> 2.3)
  bel (~> 0.3)
  daemons (~> 1.2)
  hermann (= 0.24.1.dev)
  multi_json (~> 1)
  oj (~> 2.12)
  pry
  rdf (~> 1.1)
  uuid (~> 2.3)

BUNDLED WITH
   1.10.6
