GEM
  remote: https://rubygems.org/
  specs:
    backports (3.6.0)
    bel (0.2.1)
    binding_of_caller (0.7.2)
      debug_inspector (>= 0.0.1)
    builder (3.2.2)
    celluloid (0.16.0.pre)
      timers (~> 2.0.0)
    coderay (1.1.0)
    debug_inspector (0.0.2)
    ffi (1.9.3)
    hitimes (1.2.1)
    json (1.8.1)
    listen (2.7.6)
      celluloid (>= 0.15.2)
      rb-fsevent (>= 0.9.3)
      rb-inotify (>= 0.9)
    method_source (0.8.2)
    mini_portile (0.5.3)
    multi_json (1.9.2)
    nokogiri (1.6.1)
      mini_portile (~> 0.5.0)
    open4 (1.3.3)
    perftools.rb (2.0.1)
    pry (0.9.12.6)
      coderay (~> 1.0)
      method_source (~> 0.8)
      slop (~> 3.4)
    pry-doc (0.6.0)
      pry (~> 0.9)
      yard (~> 0.8)
    pry-nav (0.2.3)
      pry (~> 0.9.10)
    pry-stack_explorer (0.4.9.1)
      binding_of_caller (>= 0.7)
      pry (>= 0.9.11)
    rack (1.5.2)
    rack-perftools_profiler (0.6.1)
      open4 (~> 1.0)
      perftools.rb (~> 2.0.1)
      rack (~> 1.0)
    rack-protection (1.5.2)
      rack
    rack-test (0.6.2)
      rack (>= 1.0)
    rb-fsevent (0.9.4)
    rb-inotify (0.9.4)
      ffi (>= 0.5.0)
    rdf (1.1.2.1)
    redlander (0.6.1)
      ffi (~> 1.3)
      xml_schema (~> 0.2.0)
    representable (1.8.1)
      multi_json
      nokogiri
      uber
    rerun (0.10.0)
      listen (~> 2.7, >= 2.7.3)
    roar (0.12.6)
      representable (>= 1.6.0)
    sinatra (1.4.4)
      rack (~> 1.4)
      rack-protection (~> 1.4)
      tilt (~> 1.3, >= 1.3.4)
    sinatra-contrib (1.4.2)
      backports (>= 2.0)
      multi_json
      rack-protection
      rack-test
      sinatra (~> 1.4.0)
      tilt (~> 1.3)
    slop (3.5.0)
    tilt (1.4.1)
    timers (2.0.0)
      hitimes
    uber (0.0.4)
    xml_schema (0.2.0)
    yard (0.8.7.4)

PLATFORMS
  ruby

DEPENDENCIES
  bel
  builder
  json
  nokogiri
  perftools.rb
  pry
  pry-doc
  pry-nav
  pry-stack_explorer
  rack-perftools_profiler
  rdf
  redlander
  rerun
  roar
  sinatra
  sinatra-contrib
