GEM
  remote: https://rubygems.org/
  specs:
    backports (3.6.0)
    bel (0.2.1)
    builder (3.2.2)
    coderay (1.1.0)
    ffi (1.9.3)
    json (1.8.1)
    method_source (0.8.2)
    multi_json (1.9.2)
    open4 (1.3.3)
    perftools.rb (2.0.1)
    pry (0.9.12.6)
      coderay (~> 1.0)
      method_source (~> 0.8)
      slop (~> 3.4)
    pry-doc (0.6.0)
      pry (~> 0.9)
      yard (~> 0.8)
    pry-nav (0.2.3)
      pry (~> 0.9.10)
    rack (1.5.2)
    rack-perftools_profiler (0.6.1)
      open4 (~> 1.0)
      perftools.rb (~> 2.0.1)
      rack (~> 1.0)
    rack-protection (1.5.2)
      rack
    rack-test (0.6.2)
      rack (>= 1.0)
    rdf (1.1.2.1)
    redlander (0.6.1)
      ffi (~> 1.3)
      xml_schema (~> 0.2.0)
    sinatra (1.4.4)
      rack (~> 1.4)
      rack-protection (~> 1.4)
      tilt (~> 1.3, >= 1.3.4)
    sinatra-contrib (1.4.2)
      backports (>= 2.0)
      multi_json
      rack-protection
      rack-test
      sinatra (~> 1.4.0)
      tilt (~> 1.3)
    slop (3.5.0)
    sqlite3 (1.3.9)
    tilt (1.4.1)
    xml_schema (0.2.0)
    yard (0.8.7.4)

PLATFORMS
  ruby

DEPENDENCIES
  bel
  builder
  json
  perftools.rb
  pry
  pry-doc
  pry-nav
  rack-perftools_profiler
  rdf
  redlander
  sinatra
  sinatra-contrib
  sqlite3
