GIT
  remote: git://github.com/abargnesi/redlander.git
  revision: 711a0de91d6aed6be80a0134acdf4f7aeb04a021
  branch: rubies_support
  specs:
    redlander (0.6.2)
      ffi (~> 1.3)
      xml_schema (~> 0.2.0)

GEM
  remote: https://rubygems.org/
  specs:
    bel (0.3.3)
      ffi (= 1.9.8)
    coderay (1.1.0)
    daemons (1.2.3)
    ffi (1.9.8)
    hermann (0.24.1.dev)
      json (~> 1.8.2)
      mini_portile (~> 0.6.0)
      thread_safe (~> 0.3.4)
    json (1.8.3)
    method_source (0.8.2)
    mini_portile (0.6.2)
    multi_json (1.11.2)
    oj (2.12.12)
    pry (0.10.1)
      coderay (~> 1.1.0)
      method_source (~> 0.8.1)
      slop (~> 3.4)
    slop (3.6.0)
    sqlite3 (1.3.10)
    thread_safe (0.3.5)
    xml_schema (0.2.0)

PLATFORMS
  ruby

DEPENDENCIES
  bel (~> 0.3)
  daemons (~> 1.2)
  hermann (= 0.24.1.dev)
  multi_json (~> 1)
  oj (~> 2.12)
  pry
  redlander!
  sqlite3

BUNDLED WITH
   1.10.6
